GIT
  remote: git://github.com/accesslint/access_lint.git
  revision: d15998d60352ed386037b7e836593f4b2ea36ebc
  specs:
    access_lint (0.1.3)
      awesome_print
      command_line_reporter
      thor

GEM
  remote: https://rubygems.org/
  specs:
    awesome_print (1.6.1)
    celluloid (0.16.0)
      timers (~> 4.0.0)
    colored (1.2)
    command_line_reporter (3.3.5)
      colored (>= 1.2)
    dotenv (1.0.2)
    ffi (1.9.6)
    foreman (0.77.0)
      dotenv (~> 1.0.2)
      thor (~> 0.19.1)
    hitimes (1.2.2)
    json (1.8.1)
    listen (2.8.5)
      celluloid (>= 0.15.2)
      rb-fsevent (>= 0.9.3)
      rb-inotify (>= 0.9)
    puma (2.11.1)
      rack (>= 1.1, < 2.0)
    rack (1.6.0)
    rack-protection (1.5.3)
      rack
    rb-fsevent (0.9.4)
    rb-inotify (0.9.5)
      ffi (>= 0.5.0)
    rerun (0.10.0)
      listen (~> 2.7, >= 2.7.3)
    sinatra (1.4.5)
      rack (~> 1.4)
      rack-protection (~> 1.4)
      tilt (~> 1.3, >= 1.3.4)
    thor (0.19.1)
    tilt (1.4.1)
    timers (4.0.1)
      hitimes

PLATFORMS
  ruby

DEPENDENCIES
  access_lint!
  foreman
  json
  puma
  rerun
  sinatra
